PATH
  remote: .
  specs:
    test-recorder (0.1.1)
      activesupport
      activesupport-testing-metadata
      selenium-devtools
      selenium-webdriver (>= 4.0)

GEM
  remote: https://rubygems.org/
  specs:
    activesupport (7.0.0)
      concurrent-ruby (~> 1.0, >= 1.0.2)
      i18n (>= 1.6, < 2)
      minitest (>= 5.1)
      tzinfo (~> 2.0)
    activesupport-testing-metadata (0.1.0)
      activesupport (>= 4.0)
    childprocess (4.1.0)
    concurrent-ruby (1.1.9)
    debug (1.4.0)
      irb (>= 1.3.6)
      reline (>= 0.2.7)
    i18n (1.8.11)
      concurrent-ruby (~> 1.0)
    io-console (0.5.11)
    irb (1.4.1)
      reline (>= 0.3.0)
    minitest (5.14.2)
    rake (12.3.3)
    reline (0.3.1)
      io-console (~> 0.5)
    rexml (3.2.5)
    rubyzip (2.3.2)
    selenium-devtools (0.96.0)
      websocket (~> 1.0)
    selenium-webdriver (4.1.0)
      childprocess (>= 0.5, < 5.0)
      rexml (~> 3.2, >= 3.2.5)
      rubyzip (>= 1.2.2)
    tzinfo (2.0.4)
      concurrent-ruby (~> 1.0)
    websocket (1.2.9)

PLATFORMS
  ruby

DEPENDENCIES
  debug
  minitest (~> 5.0)
  rake (~> 12.0)
  test-recorder!

BUNDLED WITH
   2.2.32
