PATH
  remote: .
  specs:
    test-recorder (0.1.4)
      activesupport
      selenium-devtools
      selenium-webdriver (>= 4.0)

GEM
  remote: https://rubygems.org/
  specs:
    activesupport (7.0.4)
      concurrent-ruby (~> 1.0, >= 1.0.2)
      i18n (>= 1.6, < 2)
      minitest (>= 5.1)
      tzinfo (~> 2.0)
    activesupport-testing-metadata (0.1.0)
      activesupport (>= 4.0)
    concurrent-ruby (1.1.10)
    debug (1.7.1)
      irb (>= 1.5.0)
      reline (>= 0.3.1)
    i18n (1.12.0)
      concurrent-ruby (~> 1.0)
    io-console (0.6.0)
    irb (1.6.2)
      reline (>= 0.3.0)
    minitest (5.17.0)
    rake (12.3.3)
    reline (0.3.2)
      io-console (~> 0.5)
    rexml (3.2.5)
    rubyzip (2.3.2)
    selenium-devtools (0.109.0)
      selenium-webdriver (~> 4.2)
    selenium-webdriver (4.7.1)
      rexml (~> 3.2, >= 3.2.5)
      rubyzip (>= 1.2.2, < 3.0)
      websocket (~> 1.0)
    tzinfo (2.0.5)
      concurrent-ruby (~> 1.0)
    websocket (1.2.9)

PLATFORMS
  ruby

DEPENDENCIES
  activesupport-testing-metadata
  debug
  minitest (~> 5.0)
  rake (~> 12.0)
  test-recorder!

BUNDLED WITH
   2.4.3
