PATH
  remote: .
  specs:
    test-recorder (0.2.0)
      activesupport
      selenium-devtools
      selenium-webdriver (>= 4.0)

GEM
  remote: https://rubygems.org/
  specs:
    activesupport (7.0.7)
      concurrent-ruby (~> 1.0, >= 1.0.2)
      i18n (>= 1.6, < 2)
      minitest (>= 5.1)
      tzinfo (~> 2.0)
    activesupport-testing-metadata (0.1.0)
      activesupport (>= 4.0)
    concurrent-ruby (1.2.2)
    debug (1.8.0)
      irb (>= 1.5.0)
      reline (>= 0.3.1)
    i18n (1.14.1)
      concurrent-ruby (~> 1.0)
    io-console (0.6.0)
    irb (1.7.4)
      reline (>= 0.3.6)
    minitest (5.19.0)
    rake (12.3.3)
    reline (0.3.8)
      io-console (~> 0.5)
    rexml (3.2.6)
    rubyzip (2.3.2)
    selenium-devtools (0.115.0)
      selenium-webdriver (~> 4.2)
    selenium-webdriver (4.11.0)
      rexml (~> 3.2, >= 3.2.5)
      rubyzip (>= 1.2.2, < 3.0)
      websocket (~> 1.0)
    tzinfo (2.0.6)
      concurrent-ruby (~> 1.0)
    websocket (1.2.9)

PLATFORMS
  ruby

DEPENDENCIES
  activesupport-testing-metadata
  debug
  minitest (~> 5.0)
  rake (~> 12.0)
  test-recorder!

BUNDLED WITH
   2.4.3
